GEM
  remote: https://rubygems.org/
  specs:
    rack (2.0.1)
    sinatra (1.0)
      rack (>= 1.0)

PLATFORMS
  ruby

DEPENDENCIES
  rack (>= 2.0.1)
  sinatra

RUBY VERSION
   ruby 2.3.1p112

BUNDLED WITH
   1.12.5
